GEM
  remote: https://rubygems.org/
  specs:
    celluloid (0.17.3)
      celluloid-essentials
      celluloid-extras
      celluloid-fsm
      celluloid-pool
      celluloid-supervision
      timers (>= 4.1.1)
    celluloid-essentials (0.20.5)
      timers (>= 4.1.1)
    celluloid-extras (0.20.5)
      timers (>= 4.1.1)
    celluloid-fsm (0.20.5)
      timers (>= 4.1.1)
    celluloid-pool (0.20.5)
      timers (>= 4.1.1)
    celluloid-supervision (0.20.6)
      timers (>= 4.1.1)
    dotenv (2.1.1)
    faraday (0.9.2)
      multipart-post (>= 1.2, < 3)
    faraday_middleware (0.10.0)
      faraday (>= 0.7.4, < 0.10)
    faraday_middleware-oauth2_refresh (0.0.3)
      faraday (~> 0.9, >= 0.9)
      faraday_middleware (~> 0, >= 0)
    hashie (3.4.4)
    hitimes (1.2.4)
    http_router (0.11.2)
      rack (>= 1.0.0)
      url_mount (~> 0.2.1)
    httpclient (2.8.2.4)
    i18n (0.7.0)
    ice_nine (0.11.2)
    inflection (1.0.0)
    json (1.8.3)
    jsondoc (0.1.3)
    jwt (1.5.4)
    lita (4.7.0)
      bundler (>= 1.3)
      faraday (>= 0.8.7)
      http_router (>= 0.11.2)
      i18n (>= 0.6.9)
      ice_nine (>= 0.11.0)
      multi_json (>= 1.7.7)
      puma (>= 2.7.1)
      rack (>= 1.5.2)
      rb-readline (>= 0.5.1)
      redis-namespace (>= 1.3.0)
      thor (>= 0.18.1)
    lita-eightball (1.0.4)
      lita (>= 2.0)
    lita-inspirebot (0.0.3)
      lita (>= 4.0)
    lita-ringcentral (0.0.3)
      lita (>= 4.4.3)
      ringcentral_sdk (>= 1.3.4)
    lita-zendesk (0.1.0)
      lita (>= 4.4.3)
      zendesk_api (~> 1.0, >= 1.14.0)
    lita_dotenv (0.0.2)
      dotenv (>= 2.1.1)
      lita (>= 4.4.3)
    logger (1.2.8)
    mime (0.4.3)
    mime-types (3.1)
      mime-types-data (~> 3.2015)
    mime-types-data (3.2016.0521)
    mime_builder (0.0.3)
      mime
      mime-types (>= 1.25)
    multi_json (1.12.1)
    multi_xml (0.5.5)
    multipart-post (2.0.0)
    oauth2 (1.2.0)
      faraday (>= 0.8, < 0.10)
      jwt (~> 1.0)
      multi_json (~> 1.3)
      multi_xml (~> 0.5)
      rack (>= 1.2, < 3)
    pubnub (3.8.2)
      celluloid (~> 0.17)
      httpclient (~> 2.6)
      json (~> 1.8)
    puma (3.6.0)
    rack (2.0.1)
    rb-readline (0.5.3)
    redis (3.3.1)
    redis-namespace (1.5.2)
      redis (~> 3.0, >= 3.0.4)
    ringcentral_sdk (1.3.4)
      dotenv (~> 2.1, >= 2.1.0)
      faraday (~> 0.9, >= 0.9)
      faraday_middleware (~> 0, >= 0)
      faraday_middleware-oauth2_refresh (~> 0)
      jsondoc (~> 0.1, >= 0.1.0)
      logger
      mime (~> 0.4, >= 0.4.3)
      mime-types (~> 3.1)
      mime_builder (~> 0)
      multi_json (~> 1.3)
      oauth2 (~> 1.0, >= 1.0.0)
      pubnub (~> 3.8)
    scrub_rb (1.0.1)
    thor (0.19.1)
    timers (4.1.1)
      hitimes
    url_mount (0.2.1)
      rack
    zendesk_api (1.14.0)
      faraday (~> 0.9)
      hashie (>= 1.2, < 4.0, != 3.3.0)
      inflection
      mime-types
      multipart-post (~> 2.0)
      scrub_rb (~> 1.0.1)

PLATFORMS
  ruby

DEPENDENCIES
  lita
  lita-eightball
  lita-inspirebot
  lita-ringcentral (>= 0.0.3)
  lita-zendesk
  lita_dotenv

BUNDLED WITH
   1.12.5
